GEM
  remote: http://rubygems.org/
  specs:
    activesupport (3.0.9)
    bond (0.4.1)
    coderay (0.9.8)
    diff-lcs (1.1.2)
    i18n (0.6.0)
    nokogiri (1.4.6)
    rack (1.3.0)
    rack-test (0.6.0)
      rack (>= 1.0)
    ripl (0.4.2)
      bond (~> 0.4.0)
    ripl-auto_indent (0.1.4)
      coderay (~> 0.9)
      ripl (>= 0.3.1)
      ripl-multi_line (>= 0.2.3)
    ripl-color_error (0.1.1)
      ripl (>= 0.2.0)
    ripl-color_result (0.3.1)
      ripl (>= 0.4.1)
      wirb (>= 0.3.0)
    ripl-color_streams (0.1.2)
      ripl (>= 0.2.8)
    ripl-multi_line (0.3.0)
      ripl (>= 0.3.6)
    rspec (2.6.0)
      rspec-core (~> 2.6.0)
      rspec-expectations (~> 2.6.0)
      rspec-mocks (~> 2.6.0)
    rspec-core (2.6.4)
    rspec-expectations (2.6.0)
      diff-lcs (~> 1.1.2)
    rspec-mocks (2.6.0)
    sinatra (1.2.6)
      rack (~> 1.1)
      tilt (< 2.0, >= 1.2.2)
    tilt (1.3.2)
    wirb (0.3.2)

PLATFORMS
  ruby

DEPENDENCIES
  activesupport
  i18n
  nokogiri
  rack-test
  ripl
  ripl-auto_indent
  ripl-color_error
  ripl-color_result
  ripl-color_streams
  ripl-multi_line
  rspec
  sinatra
